GEM
  remote: https://rubygems.org/
  specs:
    erubis (2.7.0)
    rack (1.5.2)

PLATFORMS
  ruby

DEPENDENCIES
  erubis
  rack
